PATH
  remote: .
  specs:
    pecorb (1.0.0)

GEM
  remote: https://rubygems.org/
  specs:
    minitest (5.9.1)
    rake (10.4.2)

PLATFORMS
  ruby

DEPENDENCIES
  bundler (~> 1.13)
  minitest (~> 5.0)
  pecorb!
  rake (~> 10.0)

BUNDLED WITH
   1.13.3
